GEM
  remote: http://rubygems.org/
  specs:
    abstract (1.0.0)
    actionmailer (3.0.6)
      actionpack (= 3.0.6)
      mail (~> 2.2.15)
    actionpack (3.0.6)
      activemodel (= 3.0.6)
      activesupport (= 3.0.6)
      builder (~> 2.1.2)
      erubis (~> 2.6.6)
      i18n (~> 0.5.0)
      rack (~> 1.2.1)
      rack-mount (~> 0.6.14)
      rack-test (~> 0.5.7)
      tzinfo (~> 0.3.23)
    activemodel (3.0.6)
      activesupport (= 3.0.6)
      builder (~> 2.1.2)
      i18n (~> 0.5.0)
    activerecord (3.0.6)
      activemodel (= 3.0.6)
      activesupport (= 3.0.6)
      arel (~> 2.0.2)
      tzinfo (~> 0.3.23)
    activeresource (3.0.6)
      activemodel (= 3.0.6)
      activesupport (= 3.0.6)
    activesupport (3.0.6)
    aes (0.4.0)
    annotate (2.4.0)
    arel (2.0.9)
    auto_annotate (0.1.0)
      annotate (>= 2.4.0)
      rails (>= 3.0.0)
      rake-hooks (>= 0.1)
    bcrypt-ruby (2.1.4)
    builder (2.1.2)
    columnize (0.3.2)
    devise (1.3.0)
      bcrypt-ruby (~> 2.1.2)
      orm_adapter (~> 0.0.3)
      warden (~> 1.0.3)
    devise_aes_encryptable (0.2.2)
      aes (>= 0.4.0)
      devise (>= 1.1.3)
      rails (~> 3.0.0)
    erubis (2.6.6)
      abstract (>= 1.0.0)
    fastercsv (1.5.4)
    flutie (1.1.5)
    formtastic (1.2.3)
      actionpack (>= 2.3.7)
      activesupport (>= 2.3.7)
      i18n (~> 0.4)
    haml (3.0.25)
    haml-rails (0.3.4)
      actionpack (~> 3.0)
      activesupport (~> 3.0)
      haml (~> 3.0)
      railties (~> 3.0)
    i18n (0.5.0)
    linecache (0.43)
    mail (2.2.16)
      activesupport (>= 2.3.6)
      i18n (>= 0.4.0)
      mime-types (~> 1.16)
      treetop (~> 1.4.8)
    meta_search (1.0.4)
      actionpack (~> 3.0.2)
      activerecord (~> 3.0.2)
      activesupport (~> 3.0.2)
      arel (~> 2.0.2)
    mime-types (1.16)
    orm_adapter (0.0.4)
    polyglot (0.3.1)
    rack (1.2.2)
    rack-mount (0.6.14)
      rack (>= 1.0.0)
    rack-test (0.5.7)
      rack (>= 1.0)
    rails (3.0.6)
      actionmailer (= 3.0.6)
      actionpack (= 3.0.6)
      activerecord (= 3.0.6)
      activeresource (= 3.0.6)
      activesupport (= 3.0.6)
      bundler (~> 1.0)
      railties (= 3.0.6)
    railties (3.0.6)
      actionpack (= 3.0.6)
      activesupport (= 3.0.6)
      rake (>= 0.8.7)
      thor (~> 0.14.4)
    rake (0.8.7)
    rake-hooks (0.1)
    ruby-debug (0.10.4)
      columnize (>= 0.1)
      ruby-debug-base (~> 0.10.4.0)
    ruby-debug-base (0.10.4)
      linecache (>= 0.3)
    sqlite3 (1.3.3)
    sqlite3-ruby (1.3.3)
      sqlite3 (>= 1.3.3)
    thor (0.14.6)
    treetop (1.4.9)
      polyglot (>= 0.3.1)
    tzinfo (0.3.26)
    vpim (0.695)
    warden (1.0.3)
      rack (>= 1.0.0)

PLATFORMS
  ruby

DEPENDENCIES
  auto_annotate (= 0.1)
  devise
  devise_aes_encryptable
  fastercsv
  flutie (~> 1.1)
  formtastic (~> 1.2.3)
  haml-rails
  meta_search
  rails (= 3.0.6)
  ruby-debug
  sqlite3-ruby
  vpim
